GEM
  remote: https://rubygems.org/
  specs:
    builder (3.2.3)
    childprocess (0.6.1)
      ffi (~> 1.0, >= 1.0.11)
    cucumber (2.4.0)
      builder (>= 2.1.2)
      cucumber-core (~> 1.5.0)
      cucumber-wire (~> 0.0.1)
      diff-lcs (>= 1.1.3)
      gherkin (~> 4.0)
      multi_json (>= 1.7.5, < 2.0)
      multi_test (>= 0.1.2)
    cucumber-core (1.5.0)
      gherkin (~> 4.0)
    cucumber-wire (0.0.1)
    data_magic (1.0)
      faker (>= 1.1.2)
      yml_reader (>= 0.6)
    diff-lcs (1.3)
    domain_name (0.5.20161129)
      unf (>= 0.0.5, < 1.0.0)
    faker (1.7.3)
      i18n (~> 0.5)
    ffi (1.9.17-x64-mingw32)
    gherkin (4.0.0)
    http-cookie (1.0.3)
      domain_name (~> 0.5)
    i18n (0.8.0)
    json (1.8.6)
    mime-types (2.99.3)
    multi_json (1.12.1)
    multi_test (0.1.2)
    net-http-persistent (2.9.4)
    netrc (0.11.0)
    page-object (2.0.0)
      net-http-persistent (~> 2.9.4)
      page_navigation (>= 0.9)
      selenium-webdriver (~> 3.0)
      watir (~> 6.0)
    page_navigation (0.10)
      data_magic (>= 0.22)
    parallel (1.10.0)
    parallel_cucumber (0.1.22)
      cucumber (~> 2)
      parallel (~> 1.6)
    parallel_split_test (0.6.0)
      parallel (>= 0.5.13)
      rspec (>= 3.1.0)
    rake (12.0.0)
    require_all (1.4.0)
    rest-client (1.8.0-x64-mingw32)
      ffi (~> 1.9)
      http-cookie (>= 1.0.2, < 2.0)
      mime-types (>= 1.16, < 3.0)
      netrc (~> 0.7)
    rspec (3.5.0)
      rspec-core (~> 3.5.0)
      rspec-expectations (~> 3.5.0)
      rspec-mocks (~> 3.5.0)
    rspec-core (3.5.4)
      rspec-support (~> 3.5.0)
    rspec-expectations (3.5.0)
      diff-lcs (>= 1.2.0, < 2.0)
      rspec-support (~> 3.5.0)
    rspec-mocks (3.5.0)
      diff-lcs (>= 1.2.0, < 2.0)
      rspec-support (~> 3.5.0)
    rspec-support (3.5.0)
    rubyzip (1.2.1)
    sauce_whisk (0.0.21)
      json (~> 1.8.1)
      rest-client (~> 1.8.0)
    selenium-webdriver (3.1.0)
      childprocess (~> 0.5)
      rubyzip (~> 1.0)
      websocket (~> 1.0)
    unf (0.1.4)
      unf_ext
    unf_ext (0.0.7.2-x64-mingw32)
    watir (6.1.0)
      selenium-webdriver (~> 3.0)
    watir_drops (0.7.0)
      watir (~> 6.0)
    watir_model (0.3.0)
    websocket (1.2.4)
    yml_reader (0.7)

PLATFORMS
  x64-mingw32

DEPENDENCIES
  cucumber (>= 2.0.0)
  data_magic
  json (~> 1.0)
  page-object
  parallel_cucumber
  parallel_split_test
  rake
  require_all
  rspec
  sauce_whisk
  watir (~> 6.0)
  watir_drops
  watir_model

BUNDLED WITH
   1.14.4
